GEM
  remote: https://rubygems.org/
  specs:
    activesupport (5.2.1)
      concurrent-ruby (~> 1.0, >= 1.0.2)
      i18n (>= 0.7, < 2)
      minitest (~> 5.1)
      tzinfo (~> 1.1)
    addressable (2.5.2)
      public_suffix (>= 2.0.2, < 4.0)
    arr-pm (0.0.10)
      cabin (> 0)
    aws-sdk (2.11.141)
      aws-sdk-resources (= 2.11.141)
    aws-sdk-core (2.11.141)
      aws-sigv4 (~> 1.0)
      jmespath (~> 1.0)
    aws-sdk-resources (2.11.141)
      aws-sdk-core (= 2.11.141)
    aws-sigv4 (1.0.3)
    backports (3.11.4)
    cabin (0.9.0)
    childprocess (0.9.0)
      ffi (~> 1.0, >= 1.0.11)
    clamp (1.0.1)
    colorator (1.1.0)
    concurrent-ruby (1.1.3)
    deb-s3 (0.10.0)
      aws-sdk (~> 2)
      thor (~> 0.19.0)
    dotenv (2.6.0)
    em-websocket (0.5.1)
      eventmachine (>= 0.12.9)
      http_parser.rb (~> 0.6.0)
    eventmachine (1.2.7)
    execjs (2.7.0)
    extras (0.3.0)
      forwardable-extended (~> 2.5)
    fastimage (2.1.4)
    ffi (1.10.0)
    forwardable-extended (2.6.0)
    fpm (1.11.0)
      arr-pm (~> 0.0.10)
      backports (>= 2.6.2)
      cabin (>= 0.6.0)
      childprocess (= 0.9.0)
      clamp (~> 1.0.0)
      ffi
      json (>= 1.7.7, < 2.0)
      pleaserun (~> 0.0.29)
      ruby-xz (~> 0.2.3)
      stud
    http_parser.rb (0.6.0)
    i18n (0.9.5)
      concurrent-ruby (~> 1.0)
    insist (1.0.0)
    io-like (0.3.0)
    jekyll (3.8.5)
      addressable (~> 2.4)
      colorator (~> 1.0)
      em-websocket (~> 0.5)
      i18n (~> 0.7)
      jekyll-sass-converter (~> 1.0)
      jekyll-watch (~> 2.0)
      kramdown (~> 1.14)
      liquid (~> 4.0)
      mercenary (~> 0.3.3)
      pathutil (~> 0.9)
      rouge (>= 1.7, < 4)
      safe_yaml (~> 1.0)
    jekyll-assets (3.0.12)
      activesupport (~> 5.0)
      execjs (~> 2.7)
      extras (~> 0.2)
      fastimage (~> 2.0, >= 1.8)
      jekyll (>= 3.5, < 4.0)
      jekyll-sanity (~> 1.2)
      liquid-tag-parser (~> 1.0)
      nokogiri (~> 1.8)
      pathutil (~> 0.16)
      sprockets (>= 3.3, < 4.1.beta)
    jekyll-feed (0.11.0)
      jekyll (~> 3.3)
    jekyll-sanity (1.2.0)
      jekyll (~> 3.1)
    jekyll-sass-converter (1.5.2)
      sass (~> 3.4)
    jekyll-sitemap (1.2.0)
      jekyll (~> 3.3)
    jekyll-watch (2.1.2)
      listen (~> 3.0)
    jmespath (1.4.0)
    json (1.8.6)
    kramdown (1.17.0)
    libv8 (3.16.14.19)
    liquid (4.0.1)
    liquid-tag-parser (1.9.0)
      extras (~> 0.3)
      liquid (>= 3.0, < 5.0)
    listen (3.1.5)
      rb-fsevent (~> 0.9, >= 0.9.4)
      rb-inotify (~> 0.9, >= 0.9.7)
      ruby_dep (~> 1.2)
    mercenary (0.3.6)
    mini_portile2 (2.4.0)
    minitest (5.11.3)
    mustache (0.99.8)
    nokogiri (1.10.3)
      mini_portile2 (~> 2.4.0)
    pathutil (0.16.2)
      forwardable-extended (~> 2.6)
    pleaserun (0.0.30)
      cabin (> 0)
      clamp
      dotenv
      insist
      mustache (= 0.99.8)
      stud
    public_suffix (3.0.3)
    rack (2.0.6)
    rb-fsevent (0.10.3)
    rb-inotify (0.9.10)
      ffi (>= 0.5.0, < 2)
    ref (2.0.0)
    rouge (3.3.0)
    ruby-xz (0.2.3)
      ffi (~> 1.9)
      io-like (~> 0.3)
    ruby_dep (1.5.0)
    safe_yaml (1.0.4)
    sass (3.7.2)
      sass-listen (~> 4.0.0)
    sass-listen (4.0.0)
      rb-fsevent (~> 0.9, >= 0.9.4)
      rb-inotify (~> 0.9, >= 0.9.7)
    sprockets (3.7.2)
      concurrent-ruby (~> 1.0)
      rack (> 1, < 3)
    stud (0.0.23)
    therubyracer (0.12.3)
      libv8 (~> 3.16.14.15)
      ref
    thor (0.19.4)
    thread_safe (0.3.6)
    tzinfo (1.2.5)
      thread_safe (~> 0.1)
    uglifier (4.1.20)
      execjs (>= 0.3.0, < 3)

PLATFORMS
  ruby

DEPENDENCIES
  deb-s3
  execjs (~> 2.7)
  fpm
  jekyll
  jekyll-assets
  jekyll-feed
  jekyll-sitemap
  therubyracer (~> 0.12.3)
  uglifier (~> 4.1)

RUBY VERSION
   ruby 2.4.1p111

BUNDLED WITH
   1.16.3
